GEM
  remote: https://rubygems.org/
  specs:
    rake (13.0.5)

PLATFORMS
  x86_64-darwin-20

DEPENDENCIES
  rake

BUNDLED WITH
   2.2.32
